GEM
  remote: https://rubygems.org/
  specs:
    querystring (0.1.0)

PLATFORMS
  ruby

DEPENDENCIES
  querystring (~> 0.1.0)
